GEM
  remote: https://rubygems.org/
  specs:
    chucksay (0.0.3)
    rack (1.6.0)
    rack-protection (1.5.3)
      rack
    sinatra (1.4.6)
      rack (~> 1.4)
      rack-protection (~> 1.4)
      tilt (>= 1.3, < 3)
    tilt (2.0.1)

PLATFORMS
  ruby

DEPENDENCIES
  chucksay (= 0.0.3)
  sinatra (= 1.4.6)
